PATH
  remote: .
  specs:
    rpush (3.2.4)
      activesupport
      ansi
      jwt (>= 1.5.6)
      multi_json (~> 1.0)
      net-http-persistent
      net-http2 (~> 0.14)
      railties
      thor (>= 0.18.1, < 2.0)

GEM
  remote: https://rubygems.org/
  specs:
    actionpack (5.2.1)
      actionview (= 5.2.1)
      activesupport (= 5.2.1)
      rack (~> 2.0)
      rack-test (>= 0.6.3)
      rails-dom-testing (~> 2.0)
      rails-html-sanitizer (~> 1.0, >= 1.0.2)
    actionview (5.2.1)
      activesupport (= 5.2.1)
      builder (~> 3.1)
      erubi (~> 1.4)
      rails-dom-testing (~> 2.0)
      rails-html-sanitizer (~> 1.0, >= 1.0.3)
    activemodel (5.2.1)
      activesupport (= 5.2.1)
    activesupport (5.2.1)
      concurrent-ruby (~> 1.0, >= 1.0.2)
      i18n (>= 0.7, < 2)
      minitest (~> 5.1)
      tzinfo (~> 1.1)
    activerecord-jdbc-adapter (1.3.21)
      activerecord (>= 2.2)
    activerecord-jdbch2-adapter (1.3.21)
      activerecord-jdbc-adapter (~> 1.3.21)
      jdbc-h2 (~> 1.3)
    activerecord-jdbcmysql-adapter (1.3.21)
      activerecord-jdbc-adapter (~> 1.3.21)
      jdbc-mysql (>= 5.1.22)
    activerecord-jdbcpostgresql-adapter (1.3.21)
      activerecord-jdbc-adapter (~> 1.3.21)
      jdbc-postgres (>= 9.1)
    activerecord-jdbcsqlite3-adapter (1.3.21)
      activerecord-jdbc-adapter (~> 1.3.21)
      jdbc-sqlite3 (>= 3.7.2, < 3.9)
    ansi (1.5.0)
    arel (6.0.3)
    ast (2.4.0)
    bson (3.2.6)
    bson (3.2.6-java)
    builder (3.2.3)
    byebug (10.0.2)
    cane (3.0.0)
      parallel
    codeclimate-test-reporter (1.0.9)
      simplecov (<= 0.13)
    concurrent-ruby (1.1.3)
    concurrent-ruby (1.0.5-java)
    connection_pool (2.2.2)
    crass (1.0.4)
    database_cleaner (1.7.0)
    diff-lcs (1.3)
    docile (1.1.5)
    erubi (1.7.1)
    erubis (2.7.0)
    globalid (0.3.7)
      activesupport (>= 4.1.0)
    hiredis (0.6.3)
    hiredis (0.6.3-java)
    jdbc-h2 (1.4.187)
    jdbc-mysql (5.1.39)
    jdbc-postgres (9.4.1206)
    jdbc-sqlite3 (3.8.11.2)
    jruby-openssl (0.9.17-java)
    mail (2.6.4)
      mime-types (>= 1.16, < 4)
    mime-types (3.1)
      mime-types-data (~> 3.2015)
    mime-types-data (3.2016.0521)
    http-2 (0.9.0)
    i18n (1.1.1)
      concurrent-ruby (~> 1.0)
    jaro_winkler (1.5.1)
    json (2.1.0)
    json (2.1.0-java)
    jwt (2.1.0)
    loofah (2.2.3)
      crass (~> 1.0.2)
      nokogiri (>= 1.5.9)
    method_source (0.9.2)
    mini_portile2 (2.3.0)
    minitest (5.10.3)
    modis (2.1.0)
      activemodel (>= 3.0)
      activesupport (>= 3.0)
      connection_pool (>= 2)
      hiredis (>= 0.5)
      msgpack (>= 0.5)
      redis (>= 3.0)
    modis (1.4.1-java)
      activemodel (>= 3.0)
      activesupport (>= 3.0)
      connection_pool (>= 2)
      hiredis (>= 0.5)
      msgpack-jruby
      redis (>= 3.0)
    msgpack (1.2.4)
    msgpack-jruby (1.4.1-java)
    multi_json (1.13.1)
    mysql2 (0.5.2)
    net-http-persistent (3.0.0)
      connection_pool (~> 2.2)
    net-http2 (0.18.0)
      http-2 (= 0.9.0)
    nokogiri (1.8.5)
      mini_portile2 (~> 2.3.0)
    nokogiri (1.8.1-java)
    parallel (1.12.1)
    parser (2.5.3.0)
      ast (~> 2.4.0)
    pg (1.1.3)
    pkg-config (1.1.7)
    powerpack (0.1.2)
    rack (2.0.6)
    rack-test (1.1.0)
      rack (>= 1.0, < 3)
    rails-dom-testing (2.0.3)
      activesupport (>= 4.2.0)
      nokogiri (>= 1.6)
    rails-html-sanitizer (1.0.4)
      loofah (~> 2.2, >= 2.2.2)
    railties (5.2.1)
      actionpack (= 5.2.1)
      activesupport (= 5.2.1)
      method_source
      rake (>= 0.8.7)
      thor (>= 0.19.0, < 2.0)
    rainbow (3.0.0)
    rake (12.3.1)
    redis (3.3.1)
    rpush-mongoid (0.1.0)
      mongoid (~> 4.0.0)
      mongoid-autoinc (~> 4.0.0)
    rpush-redis (1.0.1)
      modis (~> 2.0)
    rspec (3.4.0)
      rspec-core (~> 3.4.0)
      rspec-expectations (~> 3.4.0)
      rspec-mocks (~> 3.4.0)
    rspec-core (3.4.4)
      rspec-support (~> 3.4.0)
    rspec-expectations (3.4.0)
      diff-lcs (>= 1.2.0, < 2.0)
      rspec-support (~> 3.4.0)
    rspec-mocks (3.4.1)
      diff-lcs (>= 1.2.0, < 2.0)
      rspec-support (~> 3.4.0)
    rspec-support (3.4.1)
    rubocop (0.58.1)
      jaro_winkler (~> 1.5.1)
      parallel (~> 1.10)
      parser (>= 2.5, != 2.5.1.1)
      powerpack (~> 0.1)
      rainbow (>= 1.99.1, < 3.0)
      ruby-progressbar (~> 1.7)
      unicode-display_width (~> 1.0, >= 1.0.1)
    ruby-progressbar (1.10.0)
    simplecov (0.13.0)
      docile (~> 1.1.0)
      json (>= 1.8, < 3)
      simplecov-html (~> 0.10.0)
    simplecov-html (0.10.2)
    sqlite3 (1.3.13)
    stackprof (0.2.12)
    thor (0.20.3)
    thread_safe (0.3.6)
    thread_safe (0.3.6-java)
    timecop (0.9.1)
    tzinfo (1.2.5)
      thread_safe (~> 0.1)
    unicode-display_width (1.4.0)

PLATFORMS
  java
  ruby

DEPENDENCIES
  activerecord-jdbc-adapter (>= 1.2.6)
  activerecord-jdbch2-adapter
  activerecord-jdbcmysql-adapter
  activerecord-jdbcpostgresql-adapter
  activerecord-jdbcsqlite3-adapter
  byebug
  cane
  codeclimate-test-reporter
  database_cleaner
  jdbc-postgres
  jruby-openssl
  mysql2
  net-http2
  pg
  rails (~> 4.2)
  rake
  rpush!
  rpush-mongoid (= 0.1.0)
  rpush-redis (= 0.4.1)
  rspec (~> 3.4.0)
  rubocop
  simplecov
  sqlite3
  stackprof
  timecop

BUNDLED WITH
   1.17.1
